PATH
  remote: ../compensated-spec
  specs:
    compensated-spec (0.1.0)
      compensated
      jsonpath (~> 1.0)

PATH
  remote: .
  specs:
    compensated-proxy (0.1.0)
      compensated

GEM
  remote: https://rubygems.org/
  specs:
    compensated (0.1.0.pre13)
    diff-lcs (1.3)
    jsonpath (1.0.5)
      multi_json
      to_regexp (~> 0.2.1)
    multi_json (1.14.1)
    rake (12.3.3)
    rspec (3.9.0)
      rspec-core (~> 3.9.0)
      rspec-expectations (~> 3.9.0)
      rspec-mocks (~> 3.9.0)
    rspec-core (3.9.2)
      rspec-support (~> 3.9.3)
    rspec-expectations (3.9.2)
      diff-lcs (>= 1.2.0, < 2.0)
      rspec-support (~> 3.9.0)
    rspec-mocks (3.9.1)
      diff-lcs (>= 1.2.0, < 2.0)
      rspec-support (~> 3.9.0)
    rspec-support (3.9.3)
    to_regexp (0.2.1)

PLATFORMS
  ruby

DEPENDENCIES
  compensated-proxy!
  compensated-spec!
  rake (~> 12.0)
  rspec (~> 3.0)

BUNDLED WITH
   2.1.4
